NUGET
  remote: https://www.nuget.org/api/v2
  specs:
    FSharp.Configuration (0.5.12)
    FsYaml (2.1)
      FSharp.Configuration (>= 0.4.10)
      YamlDotNet (>= 3.8)
    Persimmon (1.0.2)
    Persimmon.Console (1.0.2)
    Persimmon.Runner (1.0.2)
      Persimmon (>= 1.0.2)
    YamlDotNet (3.8)
GITHUB
  remote: fsprojects/Chessie
  specs:
    src/Chessie/ErrorHandling.fs (41579d1438b1ffae20762ebc705ac258509102dd)